GEM
  remote: https://rubygems.org/
  specs:
    coderay (1.1.3)
    erubis (2.7.0)
    gem-ctags (1.0.9)
    method_source (0.9.2)
    pry (0.12.2)
      coderay (~> 1.1.0)
      method_source (~> 0.9.0)
    pry-doc (1.1.0)
      pry (~> 0.11)
      yard (~> 0.9.11)
    pry-nav (0.3.0)
      pry (>= 0.9.10, < 0.13.0)
    thor (1.1.0)
    tmuxinator (2.0.3)
      erubis (~> 2.6)
      thor (~> 1.0)
      xdg (~> 2.2, >= 2.2.5)
    xdg (2.2.5)
    yard (0.9.26)

PLATFORMS
  ruby

DEPENDENCIES
  gem-ctags
  pry
  pry-doc
  pry-nav
  tmuxinator

BUNDLED WITH
   2.3.9
