GIT
  remote: https://github.com/kleinjm/wunderlist-api.git
  revision: 5e7bd25bbe2d52825622a785818cad677c5c94c4
  specs:
    wunderlist-api (1.3.0)
      activesupport (~> 5.2, >= 5.2.0)
      faraday (~> 0.9.1)

GEM
  remote: https://rubygems.org/
  remote: https://gem.fury.io/kleinjm/
  specs:
    activesupport (5.2.1)
      concurrent-ruby (~> 1.0, >= 1.0.2)
      i18n (>= 0.7, < 2)
      minitest (~> 5.1)
      tzinfo (~> 1.1)
    ast (2.4.0)
    backticks (1.0.2)
    code_analyzer (0.4.8)
      sexp_processor
    coderay (1.1.2)
    concurrent-ruby (1.0.5)
    daemons (1.3.0)
    docker-compose (1.1.10)
      backticks (~> 1.0)
    docker-sync (0.5.9)
      daemons (~> 1.2, >= 1.2.3)
      docker-compose (~> 1.1, >= 1.1.7)
      dotenv (~> 2.1, >= 2.1.1)
      gem_update_checker (~> 0.2.0, >= 0.2.0)
      os
      terminal-notifier (= 2.0.0)
      thor (~> 0.20, >= 0.20.0)
    dotenv (2.5.0)
    erubis (2.7.0)
    faraday (0.9.2)
      multipart-post (>= 1.2, < 3)
    gem-ctags (1.0.9)
    gem_update_checker (0.2.0)
    i18n (1.1.0)
      concurrent-ruby (~> 1.0)
    jcop (0.2.3)
      rubocop (~> 0.56.0)
    jslint (1.2.0)
      json
    json (2.1.0)
    method_source (0.8.2)
    minitest (5.11.3)
    multipart-post (2.0.0)
    os (1.0.0)
    parallel (1.12.1)
    parser (2.5.1.2)
      ast (~> 2.4.0)
    pluginator (1.5.0)
    powerpack (0.1.2)
    pre-commit (0.38.1)
      pluginator (~> 1.5)
    pry (0.10.4)
      coderay (~> 1.1.0)
      method_source (~> 0.8.1)
      slop (~> 3.4)
    pry-doc (0.12.0)
      pry (~> 0.9)
      yard (~> 0.9)
    pry-nav (0.2.4)
      pry (>= 0.9.10, < 0.11.0)
    rails_best_practices (1.19.3)
      activesupport
      code_analyzer (>= 0.4.8)
      erubis
      i18n
      json
      require_all (~> 2.0)
      ruby-progressbar
    rainbow (3.0.0)
    rake (12.3.1)
    require_all (2.0.0)
    rubocop (0.56.0)
      parallel (~> 1.10)
      parser (>= 2.5)
      powerpack (~> 0.1)
      rainbow (>= 2.2.2, < 4.0)
      ruby-progressbar (~> 1.7)
      unicode-display_width (~> 1.0, >= 1.0.1)
    ruby-progressbar (1.10.0)
    sexp_processor (4.11.0)
    slim (3.0.9)
      temple (>= 0.7.6, < 0.9)
      tilt (>= 1.3.3, < 2.1)
    slim_lint (0.15.1)
      rake (>= 10, < 13)
      rubocop (>= 0.50.0)
      slim (~> 3.0)
      sysexits (~> 1.1)
    slop (3.6.0)
    sysexits (1.2.0)
    temple (0.8.0)
    terminal-notifier (2.0.0)
    thor (0.20.0)
    thread_safe (0.3.6)
    tilt (2.0.8)
    tmuxinator (0.12.0)
      erubis (~> 2.6)
      thor (~> 0.19, >= 0.15.0)
      xdg (~> 2.2, >= 2.2.3)
    tzinfo (1.2.5)
      thread_safe (~> 0.1)
    unicode-display_width (1.4.0)
    xdg (2.2.3)
    yard (0.9.15)

PLATFORMS
  ruby

DEPENDENCIES
  docker-sync
  gem-ctags
  jcop (~> 0.2.3)!
  jslint
  pre-commit
  pry
  pry-doc
  pry-nav
  rails_best_practices
  rubocop
  slim_lint
  tmuxinator
  wunderlist-api (= 1.3.0)!

BUNDLED WITH
   1.17.2
