GEM
  remote: https://rubygems.org/
  specs:
    ast (2.3.0)
    coderay (1.1.2)
    erubis (2.7.0)
    gem-ctags (1.0.9)
    jslint (1.2.0)
      json
    json (1.8.6)
    method_source (0.8.2)
    parser (2.4.0.0)
      ast (~> 2.2)
    pluginator (1.4.0)
    powerpack (0.1.1)
    pre-commit (0.33.0)
      pluginator (~> 1.1)
    pry (0.10.4)
      coderay (~> 1.1.0)
      method_source (~> 0.8.1)
      slop (~> 3.4)
    pry-doc (0.12.0)
      pry (~> 0.9)
      yard (~> 0.9)
    pry-nav (0.2.4)
      pry (>= 0.9.10, < 0.11.0)
    rainbow (2.2.2)
      rake
    rake (12.0.0)
    rubocop (0.48.1)
      parser (>= 2.3.3.1, < 3.0)
      powerpack (~> 0.1)
      rainbow (>= 1.99.1, < 3.0)
      ruby-progressbar (~> 1.7)
      unicode-display_width (~> 1.0, >= 1.0.1)
    ruby-progressbar (1.8.1)
    slim (3.0.1)
      temple (~> 0.7.3)
      tilt (>= 1.3.3, < 2.1)
    slim_lint (0.12.0)
      rake (>= 10, < 13)
      rubocop (>= 0.48.0)
      slim (~> 3.0)
      sysexits (~> 1.1)
    slop (3.6.0)
    sysexits (1.2.0)
    temple (0.7.5)
    thor (0.19.4)
    tilt (2.0.6)
    tmuxinator (0.9.0)
      erubis (~> 2.6)
      thor (~> 0.19, >= 0.15.0)
    unicode-display_width (1.2.1)
    yard (0.9.12)

PLATFORMS
  ruby

DEPENDENCIES
  gem-ctags
  jslint
  pre-commit
  pry
  pry-doc
  pry-nav
  rubocop
  slim_lint
  tmuxinator

BUNDLED WITH
   1.16.2
