GEM
  remote: https://rubygems.org/
  specs:
    activesupport (7.0.3.1)
      concurrent-ruby (~> 1.0, >= 1.0.2)
      i18n (>= 1.6, < 2)
      minitest (>= 5.1)
      tzinfo (~> 2.0)
    ast (2.4.2)
    backticks (1.0.2)
    code_analyzer (0.5.2)
      sexp_processor
    coderay (1.1.3)
    concurrent-ruby (1.1.10)
    daemons (1.4.0)
    docker-compose (1.1.12)
      backticks (~> 1.0)
    docker-sync (0.6.0)
      daemons (~> 1.2, >= 1.2.3)
      docker-compose (~> 1.1, >= 1.1.7)
      dotenv (~> 2.1, >= 2.1.1)
      gem_update_checker (~> 0.2.0, >= 0.2.0)
      os
      terminal-notifier (= 2.0.0)
      thor (~> 1.0, >= 1.0.0)
    dotenv (2.7.6)
    erubis (2.7.0)
    gem-ctags (1.0.9)
    gem_update_checker (0.2.0)
    i18n (1.12.0)
      concurrent-ruby (~> 1.0)
    iStats (1.6.1)
      parseconfig (~> 1.0)
      sparkr (~> 0.4)
    jslint (1.2.0)
      json
    json (2.5.1)
    method_source (0.9.2)
    minitest (5.16.2)
    os (1.1.1)
    parallel (1.20.1)
    parseconfig (1.1.0)
    parser (3.0.2.0)
      ast (~> 2.4.1)
    pluginator (1.5.0)
    powerpack (0.1.3)
    pre-commit (0.39.0)
      pluginator (~> 1.5)
    pry (0.12.2)
      coderay (~> 1.1.0)
      method_source (~> 0.9.0)
    pry-doc (1.1.0)
      pry (~> 0.11)
      yard (~> 0.9.11)
    pry-nav (0.3.0)
      pry (>= 0.9.10, < 0.13.0)
    rails_best_practices (1.21.0)
      activesupport
      code_analyzer (>= 0.5.2)
      erubis
      i18n
      json
      require_all (~> 3.0)
      ruby-progressbar
    rainbow (3.0.0)
    require_all (3.0.0)
    rubocop (0.56.0)
      parallel (~> 1.10)
      parser (>= 2.5)
      powerpack (~> 0.1)
      rainbow (>= 2.2.2, < 4.0)
      ruby-progressbar (~> 1.7)
      unicode-display_width (~> 1.0, >= 1.0.1)
    ruby-progressbar (1.11.0)
    sexp_processor (4.15.3)
    slim (4.1.0)
      temple (>= 0.7.6, < 0.9)
      tilt (>= 2.0.6, < 2.1)
    slim_lint (0.18.0)
      rubocop (>= 0.50.0)
      slim (>= 3.0, < 5.0)
      sysexits (~> 1.1)
    sparkr (0.4.1)
    sysexits (1.2.0)
    temple (0.8.2)
    terminal-notifier (2.0.0)
    thor (1.1.0)
    tilt (2.0.10)
    tmuxinator (2.0.3)
      erubis (~> 2.6)
      thor (~> 1.0)
      xdg (~> 2.2, >= 2.2.5)
    tzinfo (2.0.5)
      concurrent-ruby (~> 1.0)
    unicode-display_width (1.7.0)
    xdg (2.2.5)
    yard (0.9.26)

PLATFORMS
  ruby

DEPENDENCIES
  docker-sync
  gem-ctags
  iStats
  jslint
  pre-commit
  pry
  pry-doc
  pry-nav
  rails_best_practices
  rubocop
  slim_lint
  tmuxinator

BUNDLED WITH
   1.17.2
